NUGET
  remote: https://nuget.org/api/v2
  specs:
    AutoFixture (3.22.0)
    CommonServiceLocator (1.3.0) - framework: monoandroid, winv4.5
    FAKE (3.36.0)
    Faker.Net (1.0.3)
    FluentAssertions (3.3.0)
    FluentScheduler (3.1.45)
    FSharp.Core (3.1.2.5)
    Lucene.Net (3.0.3)
      SharpZipLib (>= 0.86.0)
    Lucene.Net.Contrib (3.0.3)
      Lucene.Net (>= 3.0.3)
    Microsoft.AspNet.Cors (5.2.3)
    Microsoft.AspNet.WebApi.Client (5.2.3)
      Microsoft.Net.Http (>= 2.2.22) - framework: portable-wp80+win+net45+wp81+wpa81
      Newtonsoft.Json (>= 6.0.4) - framework: portable-wp80+win+net45+wp81+wpa81, >= net45
    Microsoft.AspNet.WebApi.Core (5.2.3)
      Microsoft.AspNet.WebApi.Client (>= 5.2.3)
    Microsoft.AspNet.WebApi.Cors (5.2.3)
      Microsoft.AspNet.Cors (>= 5.2.3)
      Microsoft.AspNet.WebApi.Core (>= 5.2.3 < 5.3.0)
    Microsoft.AspNet.WebApi.Owin (5.2.3)
      Microsoft.AspNet.WebApi.Core (>= 5.2.3 < 5.3.0)
      Microsoft.Owin (>= 2.0.2)
      Owin (>= 1.0)
    Microsoft.AspNet.WebApi.OwinSelfHost (5.2.3)
      Microsoft.AspNet.WebApi.Owin (>= 5.2.3 < 5.3.0)
      Microsoft.Owin.Host.HttpListener (>= 2.0.2)
      Microsoft.Owin.Hosting (>= 2.0.2)
    Microsoft.Bcl (1.1.10)
      Microsoft.Bcl.Build (>= 1.0.14)
    Microsoft.Bcl.Build (1.0.21)
    Microsoft.Net.Http (2.2.29) - framework: portable-wp80+win+net45+wp81+wpa81
      Microsoft.Bcl (>= 1.1.10)
      Microsoft.Bcl.Build (>= 1.0.14)
    Microsoft.Owin (3.0.1)
      Owin (>= 1.0)
    Microsoft.Owin.Host.HttpListener (3.0.1)
    Microsoft.Owin.Hosting (3.0.1)
      Microsoft.Owin (>= 3.0.1)
      Owin (>= 1.0)
    Moq (4.2.1409.1722)
    Newtonsoft.Json (7.0.1)
    NLog (3.2.1)
    NLog.Contrib (1.0.0.2)
      NLog (>= 2.1.0)
    NUnit (2.6.4)
    NUnit.Runners (2.6.4)
    Owin (1.0.0)
    RestSharp (105.0.1)
    SharpZipLib (0.86.0)
    Topshelf (3.1.4)
    Unity (3.5.1404)
      CommonServiceLocator (>= 1.2.0) - framework: monoandroid, winv4.5
    WebApiContrib.Formatting.Jsonp (3.0.1)
      Microsoft.AspNet.WebApi.Core (>= 5.0.0)
